PATH
  remote: .
  specs:
    react.rb (0.0.1)
      hooks (~> 0.4.0)
      opal (~> 0.6.0)

GEM
  remote: https://rubygems.org/
  specs:
    hike (1.2.3)
    hooks (0.4.0)
      uber (~> 0.0.4)
    json (1.8.2)
    multi_json (1.10.1)
    opal (0.6.3)
      source_map
      sprockets
    opal-activesupport (0.0.5)
      opal
    opal-jquery (0.2.0)
      opal (>= 0.5.0, < 1.0.0)
    opal-rspec (0.3.0.beta3)
      opal (>= 0.6.0, < 1.0.0)
    rack (1.6.0)
    rack-protection (1.5.3)
      rack
    sinatra (1.4.5)
      rack (~> 1.4)
      rack-protection (~> 1.4)
      tilt (~> 1.3, >= 1.3.4)
    source_map (3.0.1)
      json
    sprockets (2.12.3)
      hike (~> 1.2)
      multi_json (~> 1.0)
      rack (~> 1.0)
      tilt (~> 1.1, != 1.3.0)
    tilt (1.4.1)
    uber (0.0.13)

PLATFORMS
  ruby

DEPENDENCIES
  opal-activesupport
  opal-jquery
  opal-rspec (~> 0.3.0.beta3)
  react.rb!
  sinatra
